GEM
  remote: https://rubygems.org/
  specs:
    builder (3.3.0)
    csv (3.3.0)
    exif (2.2.4)
    thor (1.3.1)

PLATFORMS
  arm64-darwin-23
  ruby

DEPENDENCIES
  builder (~> 3.3)
  csv (~> 3.3)
  exif (~> 2.2)
  thor (~> 1.3)

BUNDLED WITH
   2.5.17
