GEM
  remote: https://rubygems.org/
  specs:
    exif (2.2.4)
    thor (1.3.1)

PLATFORMS
  arm64-darwin-23
  ruby

DEPENDENCIES
  exif (~> 2.2)
  thor (~> 1.3)

BUNDLED WITH
   2.5.17
